GEM
  remote: https://rubygems.org/
  specs:
    RubyInline (3.12.4)
      ZenTest (~> 4.3)
    ZenTest (4.11.1)
    activesupport (4.2.8)
      thread_safe (~> 0.3, >= 0.3.4)
    cocoapods (1.2.1)
      activesupport (>= 4.0.2, < 5)
    cocoapods-keys (2.0.0)
      osx_keychain
    osx_keychain (1.0.1)
      RubyInline (~> 3)
    thread_safe (0.3.6)

PLATFORMS
  ruby

DEPENDENCIES
  cocoapods (>= 1.1.0)
  cocoapods-keys

BUNDLED WITH
   1.14.6
